PATH
  remote: .
  specs:
    s7n (0.0.1)
      gettext

GEM
  remote: http://rubygems.org/
  specs:
    gettext (2.2.0)
      locale
    locale (2.0.5)
    rr (1.0.4)
    shoulda (3.0.1)
      shoulda-context (~> 1.0.0)
      shoulda-matchers (~> 1.0.0)
    shoulda-context (1.0.0)
    shoulda-matchers (1.0.0)
    test-unit (2.4.8)

PLATFORMS
  ruby

DEPENDENCIES
  rr
  s7n!
  shoulda
  test-unit
