PATH
  remote: .
  specs:
    s7n (0.1.2)
      gettext

GEM
  remote: http://rubygems.org/
  specs:
    gettext (2.2.0)
      locale
    locale (2.0.9)
    rr (1.0.4)
    shoulda (3.0.1)
      shoulda-context (~> 1.0.0)
      shoulda-matchers (~> 1.0.0)
    shoulda-context (1.0.0)
    shoulda-matchers (1.0.0)
    test-unit (2.4.8)
    test-unit-rr (1.0.1)
      rr (>= 1.0.2)
      test-unit (>= 2.1.2)

PLATFORMS
  ruby

DEPENDENCIES
  rr
  s7n!
  shoulda
  test-unit
  test-unit-rr
